GEM
  remote: https://rubygems.org/
  specs:
    faker (1.6.6)
      i18n (~> 0.5)
    i18n (0.7.0)

PLATFORMS
  ruby

DEPENDENCIES
  faker (~> 1.6)

BUNDLED WITH
   1.10.6
